GEM
  remote: https://rubygems.org/
  specs:
    diff-lcs (1.3)
    faraday (0.9.2)
      multipart-post (>= 1.2, < 3)
    haml (4.0.7)
      tilt
    i18n (0.7.0)
    magvar (0.1.0)
    multipart-post (2.0.0)
    rack (1.6.5)
    rack-protection (1.5.3)
      rack
    rake (10.5.0)
    rspec (3.5.0)
      rspec-core (~> 3.5.0)
      rspec-expectations (~> 3.5.0)
      rspec-mocks (~> 3.5.0)
    rspec-core (3.5.4)
      rspec-support (~> 3.5.0)
    rspec-expectations (3.5.0)
      diff-lcs (>= 1.2.0, < 2.0)
      rspec-support (~> 3.5.0)
    rspec-mocks (3.5.0)
      diff-lcs (>= 1.2.0, < 2.0)
      rspec-support (~> 3.5.0)
    rspec-support (3.5.0)
    sentry-raven (0.12.2)
      faraday (>= 0.7.6)
    sinatra (1.4.7)
      rack (~> 1.5)
      rack-protection (~> 1.4)
      tilt (>= 1.3, < 3)
    terminal-table (1.7.3)
      unicode-display_width (~> 1.1.1)
    tilt (2.0.6)
    unicode-display_width (1.1.2)

PLATFORMS
  ruby

DEPENDENCIES
  haml
  i18n
  magvar
  rake (~> 10)
  rspec (~> 3)
  sentry-raven
  sinatra
  terminal-table

BUNDLED WITH
   1.13.6
